GEM
  remote: https://rubygems.org/
  specs:
    antlr3 (1.10.0)
    columnize (0.3.6)
    debugger (1.6.2)
      columnize (>= 0.3.1)
      debugger-linecache (~> 1.2.0)
      debugger-ruby_core_source (~> 1.2.3)
    debugger-linecache (1.2.0)
    debugger-ruby_core_source (1.2.3)
    require_directory (1.0.0)
    terrun (1.1.0)

PLATFORMS
  ruby
  x86-mingw32

DEPENDENCIES
  antlr3
  debugger
  require_directory
  terrun
