GEM
  remote: https://rubygems.org/
  specs:
    antlr3 (1.10.0)
    terrun (1.1.0)

PLATFORMS
  ruby
  x86-mingw32

DEPENDENCIES
  antlr3
  terrun
